GEM
  remote: https://rubygems.org/
  specs:
    ffi (1.10.0)
    rbnacl (6.0.1)
      ffi

PLATFORMS
  ruby

DEPENDENCIES
  rbnacl

BUNDLED WITH
   1.17.2
